PATH
  remote: .
  specs:
    sequel-combine (1.0.0)
      sequel (~> 4)

GEM
  remote: https://rubygems.org/
  specs:
    coderay (1.1.1)
    docile (1.1.5)
    json (2.1.0)
    method_source (0.8.2)
    minitest (5.10.2)
    pry (0.10.4)
      coderay (~> 1.1.0)
      method_source (~> 0.8.1)
      slop (~> 3.4)
    rake (12.0.0)
    sequel (4.47.0)
    simplecov (0.13.0)
      docile (~> 1.1.0)
      json (>= 1.8, < 3)
      simplecov-html (~> 0.10.0)
    simplecov-html (0.10.2)
    slop (3.6.0)

PLATFORMS
  ruby

DEPENDENCIES
  minitest (= 5.10.2)
  pry (= 0.10.4)
  rake (= 12.0.0)
  sequel-combine!
  simplecov (= 0.13.0)

BUNDLED WITH
   1.16.1
